GEM
  remote: http://rubygems.org/
  specs:
    builder (3.1.0)
    childprocess (0.5.1)
      ffi (~> 1.0, >= 1.0.11)
    coderay (1.1.0)
    cucumber (1.3.17)
      builder (>= 2.1.2)
      diff-lcs (>= 1.1.3)
      gherkin (~> 2.12)
      multi_json (>= 1.7.5, < 2.0)
      multi_test (>= 0.1.1)
    data_magic (0.15.2)
      faker (>= 1.1.2)
      yml_reader (>= 0.2)
    diff-lcs (1.1.3)
    faker (1.2.0)
      i18n (~> 0.5)
    ffi (1.9.6-x86-mingw32)
    gherkin (2.12.2-x86-mingw32)
      multi_json (~> 1.3)
    i18n (0.6.5)
    logger (1.2.8)
    method_source (0.8.2)
    multi_json (1.7.9)
    multi_test (0.1.2)
    page-object (0.9.2)
      page_navigation (>= 0.8)
      selenium-webdriver (>= 2.35.0)
      watir-webdriver (>= 0.6.4)
    page_navigation (0.9)
      data_magic (>= 0.14)
    pry (0.10.1-x86-mingw32)
      coderay (~> 1.1.0)
      method_source (~> 0.8.1)
      slop (~> 3.4)
      win32console (~> 1.3)
    require_all (1.2.1)
    rubyzip (1.1.7)
    selenium-webdriver (2.46.1)
      childprocess (~> 0.5)
      multi_json (~> 1.0)
      rubyzip (~> 1.0)
      websocket (~> 1.0)
    slop (3.6.0)
    watir-webdriver (0.7.0)
      selenium-webdriver (>= 2.45)
    websocket (1.0.7)
    win32console (1.3.2-x86-mingw32)
    yml_reader (0.2)

PLATFORMS
  x86-mingw32

DEPENDENCIES
  cucumber
  logger (= 1.2.8)
  page-object (= 0.9.2)
  pry
  require_all (= 1.2.1)
  selenium-webdriver (= 2.46.1)

BUNDLED WITH
   1.10.6
